PATH
  remote: .
  specs:
    passwordsafe (0.0.5)
      clipboard
      highline
      rqrcode_png
      thor

GEM
  remote: http://rubygems.org/
  specs:
    aruba (0.4.6)
      bcat (>= 0.6.1)
      childprocess (>= 0.2.0)
      cucumber (>= 1.0.2)
      rdiscount (>= 1.6.8)
      rspec (>= 2.6.0)
    bcat (0.6.2)
      rack (~> 1.0)
    builder (3.0.0)
    childprocess (0.2.2)
      ffi (~> 1.0.6)
    chunky_png (1.3.4)
    clipboard (1.0.5)
    cucumber (1.0.5)
      builder (>= 2.1.2)
      diff-lcs (>= 1.1.2)
      gherkin (~> 2.4.18)
      json (>= 1.4.6)
      term-ansicolor (>= 1.0.6)
    diff-lcs (1.1.3)
    ffi (1.0.9)
    gherkin (2.4.18)
      json (>= 1.4.6)
    highline (1.6.20)
    json (1.6.0)
    rack (1.3.2)
    rake (0.9.2.2)
    rdiscount (1.6.8)
    rqrcode (0.4.2)
    rqrcode_png (0.1.5)
      chunky_png
      rqrcode
    rspec (2.6.0)
      rspec-core (~> 2.6.0)
      rspec-expectations (~> 2.6.0)
      rspec-mocks (~> 2.6.0)
    rspec-core (2.6.4)
    rspec-expectations (2.6.0)
      diff-lcs (~> 1.1.2)
    rspec-mocks (2.6.0)
    term-ansicolor (1.0.6)
    thor (0.18.1)

PLATFORMS
  ruby

DEPENDENCIES
  aruba
  bundler
  cucumber
  passwordsafe!
  rake
  rspec
